GEM
  remote: http://rubygems.org/
  specs:
    builder (3.1.4)
    chunky_png (1.2.6)
    coffee-script (2.2.0)
      coffee-script-source
      execjs
    coffee-script-source (1.3.3)
    colored (1.2)
    compass (0.12.2)
      chunky_png (~> 1.2)
      fssm (>= 0.2.7)
      sass (~> 3.1)
    cri (2.3.0)
      colored (>= 1.2)
    execjs (1.4.0)
      multi_json (~> 1.0)
    fssm (0.2.9)
    haml (3.1.7)
    mime-types (1.19)
    multi_json (1.4.0)
    nanoc (3.4.3)
      cri (~> 2.2)
    puma (1.6.3)
      rack (~> 1.2)
    rack (1.4.1)
    rake (10.0.3)
    rdiscount (1.6.8)
    sass (3.2.3)

PLATFORMS
  ruby

DEPENDENCIES
  builder
  coffee-script
  compass
  cri
  haml
  mime-types
  nanoc
  puma
  rack
  rake
  rdiscount
